GEM
  remote: https://rubygems.org/
  specs:
    avro (1.10.0)
      multi_json (~> 1)
    avro_turf (1.3.0)
      avro (>= 1.7.7, < 1.11)
      excon (~> 0.71)
    excon (0.76.0)
    logger (1.4.2)
    multi_json (1.15.0)

PLATFORMS
  ruby

DEPENDENCIES
  avro
  avro_turf
  logger

RUBY VERSION
   ruby 2.7.1p83

BUNDLED WITH
   2.1.4
